PATH
  remote: .
  specs:
    outboxable (0.1.1)
      bunny (>= 2.19.0)
      connection_pool (~> 2.3.0)

GEM
  remote: https://rubygems.org/
  specs:
    activesupport (7.0.4.2)
      concurrent-ruby (~> 1.0, >= 1.0.2)
      i18n (>= 1.6, < 2)
      minitest (>= 5.1)
      tzinfo (~> 2.0)
    amq-protocol (2.3.2)
    ast (2.4.2)
    bunny (2.20.3)
      amq-protocol (~> 2.3, >= 2.3.1)
      sorted_set (~> 1, >= 1.0.2)
    concurrent-ruby (1.2.2)
    connection_pool (2.3.0)
    diff-lcs (1.5.0)
    et-orbi (1.2.7)
      tzinfo
    fugit (1.8.1)
      et-orbi (~> 1, >= 1.2.7)
      raabro (~> 1.4)
    i18n (1.12.0)
      concurrent-ruby (~> 1.0)
    json (2.6.3)
    minitest (5.18.0)
    parallel (1.22.1)
    parser (3.2.1.0)
      ast (~> 2.4.1)
    raabro (1.4.0)
    rack (3.0.4.2)
    rainbow (3.1.1)
    rake (13.0.6)
    rbtree (0.4.6)
    redis-client (0.13.0)
      connection_pool
    regexp_parser (2.7.0)
    rexml (3.2.5)
    rspec (3.12.0)
      rspec-core (~> 3.12.0)
      rspec-expectations (~> 3.12.0)
      rspec-mocks (~> 3.12.0)
    rspec-core (3.12.1)
      rspec-support (~> 3.12.0)
    rspec-expectations (3.12.2)
      diff-lcs (>= 1.2.0, < 2.0)
      rspec-support (~> 3.12.0)
    rspec-mocks (3.12.3)
      diff-lcs (>= 1.2.0, < 2.0)
      rspec-support (~> 3.12.0)
    rspec-support (3.12.0)
    rubocop (1.48.0)
      json (~> 2.3)
      parallel (~> 1.10)
      parser (>= 3.2.0.0)
      rainbow (>= 2.2.2, < 4.0)
      regexp_parser (>= 1.8, < 3.0)
      rexml (>= 3.2.5, < 4.0)
      rubocop-ast (>= 1.26.0, < 2.0)
      ruby-progressbar (~> 1.7)
      unicode-display_width (>= 2.4.0, < 3.0)
    rubocop-ast (1.27.0)
      parser (>= 3.2.1.0)
    rubocop-rails (2.18.0)
      activesupport (>= 4.2.0)
      rack (>= 1.1)
      rubocop (>= 1.33.0, < 2.0)
    ruby-progressbar (1.13.0)
    set (1.0.3)
    sidekiq (7.0.6)
      concurrent-ruby (< 2)
      connection_pool (>= 2.3.0)
      rack (>= 2.2.4)
      redis-client (>= 0.11.0)
    sidekiq-cron (1.9.1)
      fugit (~> 1.8)
      sidekiq (>= 4.2.1)
    sorted_set (1.0.3)
      rbtree
      set (~> 1.0)
    tzinfo (2.0.6)
      concurrent-ruby (~> 1.0)
    unicode-display_width (2.4.2)

PLATFORMS
  x86_64-linux

DEPENDENCIES
  activesupport (~> 7.0.4.2)
  outboxable!
  rake (~> 13.0)
  rspec (~> 3.0)
  rubocop-rails (~> 2.18)
  sidekiq-cron (~> 1.9)

BUNDLED WITH
   2.4.2
